PATH
  remote: .
  specs:
    slanger (0.6.0.bump)
      activesupport (~> 4.2)
      em-hiredis (~> 0.2)
      em-http-request (~> 0.3)
      em-websocket (~> 0.5)
      eventmachine (~> 1.0)
      oj (~> 2.18)
      rack (~> 1.4)
      rack-fiber_pool (~> 0.9)
      signature (~> 0.1)
      sinatra (~> 1.4)
      thin (~> 1.6)

GEM
  remote: https://rubygems.org/
  specs:
    activesupport (4.2.9)
      i18n (~> 0.7)
      minitest (~> 5.1)
      thread_safe (~> 0.3, >= 0.3.4)
      tzinfo (~> 1.1)
    addressable (2.5.1)
      public_suffix (~> 2.0, >= 2.0.2)
    byebug (3.5.1)
      columnize (~> 0.8)
      debugger-linecache (~> 1.2)
      slop (~> 3.6)
    coderay (1.1.1)
    columnize (0.9.0)
    crack (0.4.3)
      safe_yaml (~> 1.0.0)
    daemons (1.2.4)
    debugger-linecache (1.2.0)
    diff-lcs (1.3)
    em-hiredis (0.3.1)
      eventmachine (~> 1.0)
      hiredis (~> 0.6.0)
    em-http-request (0.3.0)
      addressable (>= 2.0.0)
      escape_utils
      eventmachine (>= 0.12.9)
    em-websocket (0.5.1)
      eventmachine (>= 0.12.9)
      http_parser.rb (~> 0.6.0)
    escape_utils (1.2.1)
    eventmachine (1.2.5)
    haml (3.1.8)
    hashdiff (0.3.4)
    hiredis (0.6.1)
    http_parser.rb (0.6.0)
    httpclient (2.8.3)
    i18n (0.8.6)
    metaclass (0.0.4)
    method_source (0.8.2)
    minitest (5.10.3)
    mocha (0.14.0)
      metaclass (~> 0.0.1)
    multi_json (1.12.1)
    oj (2.18.5)
    pry (0.10.4)
      coderay (~> 1.1.0)
      method_source (~> 0.8.1)
      slop (~> 3.4)
    pry-byebug (2.0.0)
      byebug (~> 3.4)
      pry (~> 0.10)
    public_suffix (2.0.5)
    pusher (0.18.0)
      httpclient (~> 2.7)
      multi_json (~> 1.0)
      pusher-signature (~> 0.1.8)
    pusher-signature (0.1.8)
    rack (1.6.8)
    rack-fiber_pool (0.9.3)
    rack-protection (1.5.3)
      rack
    rake (10.5.0)
    rspec (3.6.0)
      rspec-core (~> 3.6.0)
      rspec-expectations (~> 3.6.0)
      rspec-mocks (~> 3.6.0)
    rspec-core (3.6.0)
      rspec-support (~> 3.6.0)
    rspec-expectations (3.6.0)
      diff-lcs (>= 1.2.0, < 2.0)
      rspec-support (~> 3.6.0)
    rspec-mocks (3.6.0)
      diff-lcs (>= 1.2.0, < 2.0)
      rspec-support (~> 3.6.0)
    rspec-support (3.6.0)
    safe_yaml (1.0.4)
    signature (0.1.8)
    sinatra (1.4.8)
      rack (~> 1.5)
      rack-protection (~> 1.4)
      tilt (>= 1.3, < 3)
    slop (3.6.0)
    thin (1.7.2)
      daemons (~> 1.0, >= 1.0.9)
      eventmachine (~> 1.0, >= 1.0.4)
      rack (>= 1, < 3)
    thread_safe (0.3.6)
    tilt (2.0.8)
    timecop (0.9.1)
    tzinfo (1.2.3)
      thread_safe (~> 0.1)
    webmock (1.24.6)
      addressable (>= 2.3.6)
      crack (>= 0.3.2)
      hashdiff

PLATFORMS
  ruby

DEPENDENCIES
  bundler (~> 1.5)
  haml (~> 3.1)
  mocha (~> 0.13)
  pry (~> 0.10)
  pry-byebug (~> 2.0)
  pusher (~> 0.14)
  rake (~> 10.4)
  rspec (~> 3.6)
  slanger!
  timecop (~> 0.3)
  webmock (~> 1.8)

BUNDLED WITH
   1.15.3
